PATH
  remote: .
  specs:
    devcamp_view_tool_k (0.1.0)

GEM
  remote: https://rubygems.org/
  specs:
    rake (12.3.3)

PLATFORMS
  ruby

DEPENDENCIES
  devcamp_view_tool_k!
  rake (~> 12.0)

BUNDLED WITH
   2.0.2
